GEM
  remote: https://rubygems.org/
  specs:
    ast (2.4.3)
    ast_utils (0.1.0)
      parser (~> 2.4)
      thor (~> 0.19.4)
    logger (1.7.0)
    minitest (5.25.5)
    parser (2.7.2.0)
      ast (~> 2.4.1)
    prism (1.4.0)
    rbs (4.0.0.dev.4)
      logger
      prism (>= 1.3.0)
    steep (0.1.0.pre2)
      ast_utils (~> 0.1.0)
      parser (~> 2.4)
    thor (0.19.4)

PLATFORMS
  aarch64-linux-gnu
  aarch64-linux-musl
  arm-linux-gnu
  arm-linux-musl
  arm64-darwin
  ruby
  x86-linux-gnu
  x86-linux-musl
  x86_64-darwin
  x86_64-linux-gnu
  x86_64-linux-musl

DEPENDENCIES
  minitest
  prism
  rbs (= 4.0.0.dev.4)
  steep

BUNDLED WITH
   2.6.7
